GIT
  remote: git://github.com/alexdunae/premailer.git
  revision: 498f830c2c11ad64dadac5509cb80a312d1b4844
  specs:
    premailer (1.7.3)
      css_parser (>= 1.1.9)
      htmlentities (>= 4.0.0)

GEM
  remote: http://rubygems.org/
  specs:
    addressable (2.2.6)
    aws-s3 (0.6.2)
      builder
      mime-types
      xml-simple
    backports (2.3.0)
    bcrypt-ruby (2.1.4)
    bcrypt-ruby (2.1.4-java)
    builder (3.0.0)
    css_parser (1.2.5)
      addressable
    data_objects (0.10.6)
      addressable (~> 2.1)
    datamapper (1.1.0)
      dm-aggregates (= 1.1.0)
      dm-constraints (= 1.1.0)
      dm-core (= 1.1.0)
      dm-migrations (= 1.1.0)
      dm-serializer (= 1.1.0)
      dm-timestamps (= 1.1.0)
      dm-transactions (= 1.1.0)
      dm-types (= 1.1.0)
      dm-validations (= 1.1.0)
    dm-aggregates (1.1.0)
      dm-core (~> 1.1.0)
    dm-constraints (1.1.0)
      dm-core (~> 1.1.0)
    dm-core (1.1.0)
      addressable (~> 2.2.4)
    dm-do-adapter (1.1.0)
      data_objects (~> 0.10.2)
      dm-core (~> 1.1.0)
    dm-migrations (1.1.0)
      dm-core (~> 1.1.0)
    dm-serializer (1.1.0)
      dm-core (~> 1.1.0)
      fastercsv (~> 1.5.4)
      json (~> 1.4.6)
    dm-sqlite-adapter (1.1.0)
      dm-do-adapter (~> 1.1.0)
      do_sqlite3 (~> 0.10.2)
    dm-timestamps (1.1.0)
      dm-core (~> 1.1.0)
    dm-transactions (1.1.0)
      dm-core (~> 1.1.0)
    dm-types (1.1.0)
      bcrypt-ruby (~> 2.1.4)
      dm-core (~> 1.1.0)
      fastercsv (~> 1.5.4)
      json (~> 1.4.6)
      stringex (~> 1.2.0)
      uuidtools (~> 2.1.2)
    dm-validations (1.1.0)
      dm-core (~> 1.1.0)
    do_jdbc (0.10.6-java)
      data_objects (= 0.10.6)
    do_sqlite3 (0.10.6)
      data_objects (= 0.10.6)
    do_sqlite3 (0.10.6-java)
      data_objects (= 0.10.6)
      do_jdbc (= 0.10.6)
      jdbc-sqlite3 (>= 3.5.8)
    fastercsv (1.5.4)
    haml (3.1.2)
    hpricot (0.8.4)
    hpricot (0.8.4-java)
    htmlentities (4.3.0)
    jdbc-sqlite3 (3.7.2)
    json (1.4.6)
    json (1.4.6-java)
    mime-types (1.16)
    monkey-lib (0.5.4)
      backports
    nokogiri (1.5.0)
    nokogiri (1.5.0-java)
    rack (1.3.2)
    sinatra (1.2.6)
      rack (~> 1.1)
      tilt (>= 1.2.2, < 2.0)
    sinatra-advanced-routes (0.5.1)
      monkey-lib (~> 0.5.0)
      sinatra (~> 1.0)
      sinatra-sugar (~> 0.5.0)
    sinatra-reloader (0.5.0)
      sinatra (~> 1.0)
      sinatra-advanced-routes (~> 0.5.0)
    sinatra-sugar (0.5.1)
      monkey-lib (~> 0.5.0)
      sinatra (~> 1.0)
    stringex (1.2.2)
    tilt (1.3.3)
    uuidtools (2.1.2)
    xml-simple (1.1.0)

PLATFORMS
  java
  ruby

DEPENDENCIES
  aws-s3
  builder
  datamapper
  dm-migrations
  dm-sqlite-adapter
  haml
  hpricot
  htmlentities
  nokogiri
  premailer!
  sinatra (>= 1.0)
  sinatra-reloader
